PATH
  remote: .
  specs:
    dcp-checker (0.1.0)
      colorize
      ffi (= 1.9.18)
      nokogiri (~> 1.8)
      parallel (~> 1.12, >= 1.12.1)
      rounding
      slim (~> 3.0, >= 3.0.9)
      typhoeus (~> 1.3)

GEM
  remote: https://rubygems.org/
  specs:
    addressable (2.5.2)
      public_suffix (>= 2.0.2, < 4.0)
    ansi (1.5.0)
    builder (3.2.3)
    byebug (4.0.5)
      columnize (= 0.9.0)
    colorize (0.8.1)
    columnize (0.9.0)
    crack (0.4.3)
      safe_yaml (~> 1.0.0)
    diff-lcs (1.3)
    ethon (0.11.0)
      ffi (>= 1.3.0)
    ffi (1.9.18)
    hashdiff (0.3.7)
    metaclass (0.0.4)
    mini_portile2 (2.3.0)
    minitest (5.11.1)
    minitest-reporters (1.1.19)
      ansi
      builder
      minitest (>= 5.0)
      ruby-progressbar
    mocha (1.3.0)
      metaclass (~> 0.0.1)
    nokogiri (1.8.2)
      mini_portile2 (~> 2.3.0)
    parallel (1.12.1)
    public_suffix (3.0.2)
    rake (10.5.0)
    rounding (1.0.1)
    rspec (3.7.0)
      rspec-core (~> 3.7.0)
      rspec-expectations (~> 3.7.0)
      rspec-mocks (~> 3.7.0)
    rspec-core (3.7.1)
      rspec-support (~> 3.7.0)
    rspec-expectations (3.7.0)
      diff-lcs (>= 1.2.0, < 2.0)
      rspec-support (~> 3.7.0)
    rspec-mocks (3.7.0)
      diff-lcs (>= 1.2.0, < 2.0)
      rspec-support (~> 3.7.0)
    rspec-support (3.7.0)
    ruby-progressbar (1.9.0)
    safe_yaml (1.0.4)
    slim (3.0.9)
      temple (>= 0.7.6, < 0.9)
      tilt (>= 1.3.3, < 2.1)
    temple (0.8.0)
    tilt (2.0.8)
    timecop (0.9.1)
    typhoeus (1.3.0)
      ethon (>= 0.9.0)
    webmock (3.3.0)
      addressable (>= 2.3.6)
      crack (>= 0.3.2)
      hashdiff

PLATFORMS
  ruby

DEPENDENCIES
  bundler (~> 1.6)
  byebug (~> 4.0)
  dcp-checker!
  minitest (~> 5.10, >= 5.10.2)
  minitest-reporters
  mocha
  rake (~> 10.3)
  rspec
  timecop (~> 0.9.1)
  webmock (~> 3.3)

BUNDLED WITH
   1.16.1
