GEM
  remote: http://rubygems.org/
  specs:
    builder (3.2.3)
    colorize (0.8.1)
    ethon (0.11.0)
      ffi (>= 1.3.0)
    ffi (1.9.25)
    rounding (1.0.1)
    slim (3.0.9)
      temple (>= 0.7.6, < 0.9)
      tilt (>= 1.3.3, < 2.1)
    temple (0.8.0)
    tilt (2.0.8)
    typhoeus (1.3.0)
      ethon (>= 0.9.0)

PLATFORMS
  ruby

DEPENDENCIES
  builder (~> 3.2, >= 3.2.3)
  colorize
  rounding
  slim
  typhoeus

BUNDLED WITH
   1.16.1
