PATH
  remote: .
  specs:
    dcp-checker (0.1.0)

GEM
  remote: https://rubygems.org/
  specs:
    addressable (2.5.2)
      public_suffix (>= 2.0.2, < 4.0)
    ansi (1.5.0)
    builder (3.2.3)
    colorize (0.8.1)
    crack (0.4.3)
      safe_yaml (~> 1.0.0)
    ethon (0.11.0)
      ffi (>= 1.3.0)
    ffi (1.9.23)
    hashdiff (0.3.7)
    metaclass (0.0.4)
    minitest (5.11.1)
    minitest-reporters (1.1.19)
      ansi
      builder
      minitest (>= 5.0)
      ruby-progressbar
    mocha (1.3.0)
      metaclass (~> 0.0.1)
    public_suffix (3.0.2)
    rake (10.5.0)
    rounding (1.0.1)
    ruby-progressbar (1.9.0)
    safe_yaml (1.0.4)
    slim (3.0.9)
      temple (>= 0.7.6, < 0.9)
      tilt (>= 1.3.3, < 2.1)
    temple (0.8.0)
    tilt (2.0.8)
    typhoeus (1.3.0)
      ethon (>= 0.9.0)
    webmock (3.3.0)
      addressable (>= 2.3.6)
      crack (>= 0.3.2)
      hashdiff

PLATFORMS
  ruby

DEPENDENCIES
  builder (~> 3.2, >= 3.2.3)
  bundler (~> 1.16)
  colorize (~> 0.8.1)
  dcp-checker!
  minitest
  minitest-reporters
  mocha
  rake (~> 10.0)
  rounding (~> 1.0, >= 1.0.1)
  slim (~> 3.0, >= 3.0.9)
  typhoeus (~> 1.3)
  webmock (~> 3.3)

BUNDLED WITH
   1.16.1
